GEM
  remote: https://rubygems.org/
  specs:
    edn (1.1.1)

PLATFORMS
  ruby
  x64-mingw32

DEPENDENCIES
  edn

BUNDLED WITH
   2.1.4
