GEM
  remote: https://rubygems.org/
  specs:
    edn (1.1.1)
    edn_turbo (0.6.2)
      edn (~> 1.1)
      rake (~> 12.3)
      rake-compiler (~> 1.0)
    rake (12.3.3)
    rake-compiler (1.0.8)
      rake

PLATFORMS
  ruby

DEPENDENCIES
  edn_turbo

BUNDLED WITH
   2.0.2
